PATH
  remote: .
  specs:
    sinatra_deployer (0.1.0)
      sinatra
      sucker_punch

GEM
  remote: https://rubygems.org/
  specs:
    celluloid (0.16.0)
      timers (~> 4.0.0)
    hitimes (1.2.2)
    rack (1.6.4)
    rack-protection (1.5.3)
      rack
    rake (10.4.2)
    sinatra (1.4.6)
      rack (~> 1.4)
      rack-protection (~> 1.4)
      tilt (>= 1.3, < 3)
    sucker_punch (1.5.0)
      celluloid (~> 0.16.0)
    tilt (2.0.1)
    timers (4.0.1)
      hitimes

PLATFORMS
  ruby

DEPENDENCIES
  bundler (~> 1.10)
  rake (~> 10.0)
  sinatra_deployer!

BUNDLED WITH
   1.10.6
